GEM
  remote: https://rubygems.org/
  specs:
    actioncable (7.0.0.alpha2)
      actionpack (= 7.0.0.alpha2)
      activesupport (= 7.0.0.alpha2)
      nio4r (~> 2.0)
      websocket-driver (>= 0.6.1)
    actionmailbox (7.0.0.alpha2)
      actionpack (= 7.0.0.alpha2)
      activejob (= 7.0.0.alpha2)
      activerecord (= 7.0.0.alpha2)
      activestorage (= 7.0.0.alpha2)
      activesupport (= 7.0.0.alpha2)
      mail (>= 2.7.1)
    actionmailer (7.0.0.alpha2)
      actionpack (= 7.0.0.alpha2)
      actionview (= 7.0.0.alpha2)
      activejob (= 7.0.0.alpha2)
      activesupport (= 7.0.0.alpha2)
      mail (~> 2.5, >= 2.5.4)
      rails-dom-testing (~> 2.0)
    actionpack (7.0.0.alpha2)
      actionview (= 7.0.0.alpha2)
      activesupport (= 7.0.0.alpha2)
      rack (~> 2.0, >= 2.2.0)
      rack-test (>= 0.6.3)
      rails-dom-testing (~> 2.0)
      rails-html-sanitizer (~> 1.0, >= 1.2.0)
    actiontext (7.0.0.alpha2)
      actionpack (= 7.0.0.alpha2)
      activerecord (= 7.0.0.alpha2)
      activestorage (= 7.0.0.alpha2)
      activesupport (= 7.0.0.alpha2)
      nokogiri (>= 1.8.5)
    actionview (7.0.0.alpha2)
      activesupport (= 7.0.0.alpha2)
      builder (~> 3.1)
      erubi (~> 1.4)
      rails-dom-testing (~> 2.0)
      rails-html-sanitizer (~> 1.1, >= 1.2.0)
    activejob (7.0.0.alpha2)
      activesupport (= 7.0.0.alpha2)
      globalid (>= 0.3.6)
    activemodel (7.0.0.alpha2)
      activesupport (= 7.0.0.alpha2)
    activerecord (7.0.0.alpha2)
      activemodel (= 7.0.0.alpha2)
      activesupport (= 7.0.0.alpha2)
    activestorage (7.0.0.alpha2)
      actionpack (= 7.0.0.alpha2)
      activejob (= 7.0.0.alpha2)
      activerecord (= 7.0.0.alpha2)
      activesupport (= 7.0.0.alpha2)
      marcel (~> 1.0.0)
      mini_mime (>= 1.1.0)
    activesupport (7.0.0.alpha2)
      concurrent-ruby (~> 1.0, >= 1.0.2)
      i18n (>= 1.6, < 2)
      minitest (>= 5.1)
      tzinfo (~> 2.0)
    acts_as_list (1.0.4)
      activerecord (>= 4.2)
    addressable (2.8.0)
      public_suffix (>= 2.0.2, < 5.0)
    bindex (0.8.1)
    bootsnap (1.9.1)
      msgpack (~> 1.0)
    builder (3.2.4)
    capybara (3.35.3)
      addressable
      mini_mime (>= 0.1.3)
      nokogiri (~> 1.8)
      rack (>= 1.6.0)
      rack-test (>= 0.6.3)
      regexp_parser (>= 1.5, < 3.0)
      xpath (~> 3.2)
    childprocess (3.0.0)
    coderay (1.1.3)
    concurrent-ruby (1.1.9)
    crass (1.0.6)
    cssbundling-rails (0.2.4)
      railties (>= 6.0.0)
    debug (1.2.4)
      irb (>= 1.3.6)
      reline (>= 0.2.7)
    erubi (1.10.0)
    globalid (0.5.2)
      activesupport (>= 5.0)
    i18n (1.8.10)
      concurrent-ruby (~> 1.0)
    io-console (0.5.9)
    irb (1.3.7)
      reline (>= 0.2.7)
    jbuilder (2.11.2)
      activesupport (>= 5.0.0)
    jsbundling-rails (0.1.9)
      railties (>= 6.0.0)
    kramdown (2.3.1)
      rexml
    kramdown-parser-gfm (1.1.0)
      kramdown (~> 2.0)
    kramdown-syntax-coderay (1.0.1)
      coderay (~> 1.1)
      kramdown (~> 2.0)
    loofah (2.12.0)
      crass (~> 1.0.2)
      nokogiri (>= 1.5.9)
    mail (2.7.1)
      mini_mime (>= 0.1.1)
    marcel (1.0.2)
    method_source (1.0.0)
    mini_mime (1.1.1)
    minitest (5.14.4)
    msgpack (1.4.2)
    nio4r (2.5.8)
    nokogiri (1.12.5-x86_64-linux)
      racc (~> 1.4)
    pg (1.2.3)
    public_suffix (4.0.6)
    puma (5.5.0)
      nio4r (~> 2.0)
    racc (1.5.2)
    rack (2.2.3)
    rack-test (1.1.0)
      rack (>= 1.0, < 3)
    rails (7.0.0.alpha2)
      actioncable (= 7.0.0.alpha2)
      actionmailbox (= 7.0.0.alpha2)
      actionmailer (= 7.0.0.alpha2)
      actionpack (= 7.0.0.alpha2)
      actiontext (= 7.0.0.alpha2)
      actionview (= 7.0.0.alpha2)
      activejob (= 7.0.0.alpha2)
      activemodel (= 7.0.0.alpha2)
      activerecord (= 7.0.0.alpha2)
      activestorage (= 7.0.0.alpha2)
      activesupport (= 7.0.0.alpha2)
      bundler (>= 1.15.0)
      railties (= 7.0.0.alpha2)
      sprockets-rails (>= 2.0.0)
    rails-dom-testing (2.0.3)
      activesupport (>= 4.2.0)
      nokogiri (>= 1.6)
    rails-html-sanitizer (1.4.2)
      loofah (~> 2.3)
    railties (7.0.0.alpha2)
      actionpack (= 7.0.0.alpha2)
      activesupport (= 7.0.0.alpha2)
      method_source
      rake (>= 0.13)
      thor (~> 1.0)
      zeitwerk (~> 2.5.0.beta3)
    rake (13.0.6)
    redcarpet (3.5.1)
    redis (4.4.0)
    regexp_parser (2.1.1)
    reline (0.2.7)
      io-console (~> 0.5)
    rexml (3.2.5)
    rouge (3.26.1)
    rubyzip (2.3.2)
    selenium-webdriver (3.142.7)
      childprocess (>= 0.5, < 4.0)
      rubyzip (>= 1.2.2)
    sprockets (4.0.2)
      concurrent-ruby (~> 1.0)
      rack (> 1, < 3)
    sprockets-rails (3.2.2)
      actionpack (>= 4.0)
      activesupport (>= 4.0)
      sprockets (>= 3.0.0)
    stimulus-rails (0.6.1)
      rails (>= 6.0.0)
    thor (1.1.0)
    turbo-rails (0.8.1)
      rails (>= 6.0.0)
    tzinfo (2.0.4)
      concurrent-ruby (~> 1.0)
    web-console (4.1.0)
      actionview (>= 6.0.0)
      activemodel (>= 6.0.0)
      bindex (>= 0.4.0)
      railties (>= 6.0.0)
    webdrivers (4.6.1)
      nokogiri (~> 1.6)
      rubyzip (>= 1.3.0)
      selenium-webdriver (>= 3.0, < 4.0)
    websocket-driver (0.7.5)
      websocket-extensions (>= 0.1.0)
    websocket-extensions (0.1.5)
    xpath (3.2.0)
      nokogiri (~> 1.8)
    zeitwerk (2.5.0.beta5)

PLATFORMS
  x86_64-linux

DEPENDENCIES
  acts_as_list (~> 1.0)
  bootsnap (>= 1.4.4)
  capybara (>= 3.26)
  cssbundling-rails (>= 0.1.0)
  debug (>= 1.0.0)
  jbuilder (~> 2.7)
  jsbundling-rails (~> 0.1.0)
  kramdown (~> 2.3)
  kramdown-parser-gfm (~> 1.1)
  kramdown-syntax-coderay (~> 1.0)
  pg (~> 1.1)
  puma (~> 5.0)
  rails (~> 7.0.0.alpha2)
  redcarpet (~> 3.5)
  redis (~> 4.0)
  rouge (~> 3.26)
  selenium-webdriver
  stimulus-rails (>= 0.4.0)
  turbo-rails (>= 0.7.11)
  tzinfo-data
  web-console (>= 4.1.0)
  webdrivers

RUBY VERSION
   ruby 3.0.2p107

BUNDLED WITH
   2.2.28
